PATH
  remote: .
  specs:
    itz_logger (0.2.10)

GEM
  remote: https://rubygems.org/
  specs:
    minitest (5.11.3)
    rake (12.3.1)

PLATFORMS
  ruby

DEPENDENCIES
  bundler (~> 1.16)
  itz_logger!
  minitest (~> 5.0)
  rake

BUNDLED WITH
   1.16.1
